PATH
  remote: .
  specs:
    redis-ui (0.1.3)
      json
      redis
      redis-namespace
      sinatra
      sinatra-respond_to
      vegas

GEM
  remote: http://rubygems.org/
  specs:
    bacon (1.1.0)
    json (1.7.3)
    rack (1.4.1)
    rack-protection (1.2.0)
      rack
    redis (3.0.1)
    redis-namespace (1.2.0)
      redis (~> 3.0.0)
    sinatra (1.3.2)
      rack (~> 1.3, >= 1.3.6)
      rack-protection (~> 1.2)
      tilt (~> 1.3, >= 1.3.3)
    sinatra-respond_to (0.8.0)
      sinatra (~> 1.3)
    tilt (1.3.3)
    vegas (0.1.11)
      rack (>= 1.0.0)

PLATFORMS
  ruby

DEPENDENCIES
  bacon
  redis-ui!
